GEM
  remote: https://rubygems.org/
  specs:
    builder (3.2.3)
    childprocess (0.7.1)
      ffi (~> 1.0, >= 1.0.11)
    cucumber (2.0.0)
      builder (>= 2.1.2)
      cucumber-core (~> 1.1.3)
      diff-lcs (>= 1.1.3)
      gherkin (~> 2.12)
      multi_json (>= 1.7.5, < 2.0)
      multi_test (>= 0.1.2)
    cucumber-core (1.1.3)
      gherkin (~> 2.12.0)
    diff-lcs (1.3)
    ffi (1.9.18)
    gherkin (2.12.2)
      multi_json (~> 1.3)
    headless (2.3.1)
    json_pure (2.1.0)
    multi_json (1.12.1)
    multi_test (0.1.2)
    rubyzip (1.2.1)
    selenium-webdriver (3.5.2)
      childprocess (~> 0.5)
      rubyzip (~> 1.0)
    watir (6.8.4)
      selenium-webdriver (~> 3.4, >= 3.4.1)

PLATFORMS
  ruby

DEPENDENCIES
  cucumber (= 2.0.0)
  headless
  json_pure
  watir (= 6.8.4)

BUNDLED WITH
   1.15.4
