PATH
  remote: .
  specs:
    filter_elasticsearch_genid_ext (0.0.1)
      fluentd (~> 0.12.0)

GEM
  remote: https://rubygems.org/
  specs:
    codeclimate-test-reporter (1.0.9)
      simplecov (<= 0.13)
    concurrent-ruby (1.1.6)
    cool.io (1.6.0)
    docile (1.1.5)
    fluentd (0.12.43)
      cool.io (>= 1.2.2, < 2.0.0)
      http_parser.rb (>= 0.5.1, < 0.7.0)
      json (>= 1.4.3)
      msgpack (>= 0.5.11, < 2)
      sigdump (~> 0.2.2)
      string-scrub (>= 0.0.3, <= 0.0.5)
      tzinfo (>= 1.0.0)
      tzinfo-data (>= 1.0.0)
      yajl-ruby (~> 1.0)
    http_parser.rb (0.6.0)
    json (2.3.1)
    msgpack (1.3.3)
    power_assert (1.2.0)
    rake (11.3.0)
    rr (1.2.1)
    sigdump (0.2.4)
    simplecov (0.13.0)
      docile (~> 1.1.0)
      json (>= 1.8, < 3)
      simplecov-html (~> 0.10.0)
    simplecov-html (0.10.2)
    string-scrub (0.0.5)
    test-unit (3.3.6)
      power_assert
    test-unit-rr (1.0.5)
      rr (>= 1.1.1)
      test-unit (>= 2.5.2)
    tzinfo (2.0.2)
      concurrent-ruby (~> 1.0)
    tzinfo-data (1.2020.1)
      tzinfo (>= 1.0.0)
    yajl-ruby (1.4.1)

PLATFORMS
  ruby

DEPENDENCIES
  bundler
  codeclimate-test-reporter
  filter_elasticsearch_genid_ext!
  fluentd (~> 0.12.0)
  rake (~> 11.0)
  rr (~> 1.0)
  test-unit (~> 3.2)
  test-unit-rr (~> 1.0)

BUNDLED WITH
   2.1.2
